GEM
  remote: http://rubygems.org/
  specs:
    blankslate (2.1.2.4)
    breakpoint (2.0.7)
      compass (>= 0.12.1)
      sass (>= 3.2.0)
    chunky_png (1.3.0)
    classifier (1.3.4)
      fast-stemmer (>= 1.0.0)
    color-schemer (0.2.8)
      compass-blend-modes (~> 0.0.2)
    colorator (0.1)
    colorize (0.7.0)
    commander (4.1.6)
      highline (~> 1.6.11)
    compass (0.12.2)
      chunky_png (~> 1.2)
      fssm (>= 0.2.7)
      sass (~> 3.1)
    compass-blend-modes (0.0.2)
      compass
    csscss (1.3.2)
      colorize
      parslet (~> 1.5)
    fast-stemmer (1.0.2)
    ffi (1.9.3)
    fssm (0.2.10)
    highline (1.6.20)
    jekyll (1.4.3)
      classifier (~> 1.3)
      colorator (~> 0.1)
      commander (~> 4.1.3)
      liquid (~> 2.5.5)
      listen (~> 1.3)
      maruku (~> 0.7.0)
      pygments.rb (~> 0.5.0)
      redcarpet (~> 2.3.0)
      safe_yaml (~> 0.9.7)
      toml (~> 0.1.0)
    liquid (2.5.5)
    listen (1.3.1)
      rb-fsevent (>= 0.9.3)
      rb-inotify (>= 0.9)
      rb-kqueue (>= 0.2)
    maruku (0.7.1)
    mini_magick (3.7.0)
      subexec (~> 0.2.1)
    modular-scale (2.0.4)
      compass (>= 0.12.0)
    parslet (1.5.0)
      blankslate (~> 2.0)
    posix-spawn (0.3.8)
    pygments.rb (0.5.4)
      posix-spawn (~> 0.3.6)
      yajl-ruby (~> 1.1.0)
    rb-fsevent (0.9.4)
    rb-inotify (0.9.3)
      ffi (>= 0.5.0)
    rb-kqueue (0.2.2)
      ffi (>= 0.5.0)
    redcarpet (2.3.0)
    safe_yaml (0.9.7)
    sass (3.2.14)
    sass-globbing (1.1.0)
      sass (>= 3.1)
    sassy-strings (1.0.0)
      compass (>= 0.12.2)
    singularitygs (1.1.2)
      breakpoint (>= 2.0.1)
      compass (>= 0.12.2)
      sass (>= 3.2.1)
    subexec (0.2.3)
    toml (0.1.1)
      parslet (~> 1.5.0)
    toolkit (1.3.8)
      breakpoint (>= 2.0.6)
      color-schemer (>= 0.2.7)
      compass (>= 0.12.2)
      sassy-strings (>= 1.0.0)
      singularitygs (>= 1.1.2)
    yajl-ruby (1.1.0)

PLATFORMS
  ruby

DEPENDENCIES
  color-schemer (~> 0.2.8)
  compass (>= 0.12)
  csscss (~> 1.3.2)
  jekyll (~> 1.4.0)
  mini_magick (~> 3.7.0)
  modular-scale (~> 2.0.4)
  redcarpet
  sass-globbing (~> 1.1.0)
  toolkit (~> 1.3.8)
