GEM
  remote: http://rubygems.org/
  specs:
    bitly (0.10.1)
      httparty (>= 0.7.6)
      multi_json (~> 1.3)
      oauth2 (>= 0.5.0, < 0.10)
    blankslate (2.1.2.4)
    chunky_png (1.3.0)
    classifier (1.3.4)
      fast-stemmer (>= 1.0.0)
    color-schemer (0.2.8)
      compass-blend-modes (~> 0.0.2)
    colorator (0.1)
    colorize (0.7.0)
    commander (4.1.6)
      highline (~> 1.6.11)
    compass (0.12.4)
      chunky_png (~> 1.2)
      fssm (>= 0.2.7)
      sass (~> 3.2.17)
    compass-blend-modes (0.0.2)
      compass
    csscss (1.3.2)
      colorize
      parslet (~> 1.5)
    faraday (0.9.0)
      multipart-post (>= 1.2, < 3)
    fast-stemmer (1.0.2)
    ffi (1.9.3)
    fssm (0.2.10)
    highline (1.6.21)
    httparty (0.13.0)
      json (~> 1.8)
      multi_xml (>= 0.5.2)
    jekyll (1.5.0)
      classifier (~> 1.3)
      colorator (~> 0.1)
      commander (~> 4.1.3)
      liquid (~> 2.5.5)
      listen (~> 1.3)
      maruku (= 0.7.0)
      pygments.rb (~> 0.5.0)
      redcarpet (~> 2.3.0)
      safe_yaml (~> 1.0)
      toml (~> 0.1.0)
    json (1.8.1)
    jwt (0.1.11)
      multi_json (>= 1.5)
    liquid (2.5.5)
    listen (1.3.1)
      rb-fsevent (>= 0.9.3)
      rb-inotify (>= 0.9)
      rb-kqueue (>= 0.2)
    maruku (0.7.0)
    mini_magick (3.7.0)
      subexec (~> 0.2.1)
    modular-scale (2.0.4)
      compass (>= 0.12.0)
    multi_json (1.9.2)
    multi_xml (0.5.5)
    multipart-post (2.0.0)
    oauth2 (0.9.3)
      faraday (>= 0.8, < 0.10)
      jwt (~> 0.1.8)
      multi_json (~> 1.3)
      multi_xml (~> 0.5)
      rack (~> 1.2)
    parslet (1.5.0)
      blankslate (~> 2.0)
    posix-spawn (0.3.8)
    pygments.rb (0.5.4)
      posix-spawn (~> 0.3.6)
      yajl-ruby (~> 1.1.0)
    rack (1.5.2)
    rb-fsevent (0.9.4)
    rb-inotify (0.9.3)
      ffi (>= 0.5.0)
    rb-kqueue (0.2.2)
      ffi (>= 0.5.0)
    redcarpet (2.3.0)
    safe_yaml (1.0.1)
    sass (3.2.18)
    sass-globbing (1.1.0)
      sass (>= 3.1)
    subexec (0.2.3)
    toml (0.1.1)
      parslet (~> 1.5.0)
    yajl-ruby (1.1.0)

PLATFORMS
  ruby

DEPENDENCIES
  bitly (~> 0.10.1)
  color-schemer (~> 0.2.8)
  compass (~> 0.12.4)
  csscss (~> 1.3.2)
  jekyll (~> 1.5.0)
  mini_magick (~> 3.7.0)
  modular-scale (~> 2.0.4)
  redcarpet
  sass-globbing (~> 1.1.0)
